GEM
  remote: http://rubygems.org/
  specs:
    rake (10.0.3)
    teacup (1.2.2)
      rake

PLATFORMS
  ruby

DEPENDENCIES
  teacup
