GEM
  remote: http://rubygems.org/
  specs:
    bubble-wrap (1.1.5)
    rake (10.0.3)
    teacup (1.2.2)
      rake

PLATFORMS
  ruby

DEPENDENCIES
  bubble-wrap
  teacup
